GIT
  remote: git://github.com/modeset/utensils.git
  revision: 03e3cf08951d16a0492ab34f578da9a9089fe90c
  specs:
    utensils (0.0.1)
      bourbon
      coffee-rails
      normalize-rails
      railties (>= 3.2.5)
      sass-rails

GIT
  remote: git://github.com/ndbroadbent/turbo-sprockets-rails3.git
  revision: 880904169535d1ccebdae3ba2da83f595f09e67d
  specs:
    turbo-sprockets-rails3 (0.3.6)
      railties (> 3.2.8, < 4.0.0)
      sprockets (>= 2.0.0)

GIT
  remote: git://github.com/rails/turbolinks.git
  revision: cebcbea332909d03e60f5a486fe0f6168408c10a
  specs:
    turbolinks (1.1.1)
      coffee-rails

GEM
  remote: https://rubygems.org/
  specs:
    actionmailer (3.2.13)
      actionpack (= 3.2.13)
      mail (~> 2.5.3)
    actionpack (3.2.13)
      activemodel (= 3.2.13)
      activesupport (= 3.2.13)
      builder (~> 3.0.0)
      erubis (~> 2.7.0)
      journey (~> 1.0.4)
      rack (~> 1.4.5)
      rack-cache (~> 1.2)
      rack-test (~> 0.6.1)
      sprockets (~> 2.2.1)
    activemodel (3.2.13)
      activesupport (= 3.2.13)
      builder (~> 3.0.0)
    activerecord (3.2.13)
      activemodel (= 3.2.13)
      activesupport (= 3.2.13)
      arel (~> 3.0.2)
      tzinfo (~> 0.3.29)
    activeresource (3.2.13)
      activemodel (= 3.2.13)
      activesupport (= 3.2.13)
    activesupport (3.2.13)
      i18n (= 0.6.1)
      multi_json (~> 1.0)
    arel (3.0.2)
    aws_cf_signer (0.1.1)
    better_errors (0.8.0)
      coderay (>= 1.0.0)
      erubis (>= 2.6.6)
    binding_of_caller (0.7.1)
      debug_inspector (>= 0.0.1)
    bourbon (3.1.6)
      sass (>= 3.2.0)
      thor
    bourne (1.4.0)
      mocha (~> 0.13.2)
    builder (3.0.4)
    capybara (2.1.0)
      mime-types (>= 1.16)
      nokogiri (>= 1.3.3)
      rack (>= 1.0.0)
      rack-test (>= 0.5.4)
      xpath (~> 2.0)
    carrierwave (0.5.8)
      activesupport (~> 3.0)
    cells (3.8.8)
      actionpack (>= 3.0)
      railties (>= 3.0)
    childprocess (0.3.9)
      ffi (~> 1.0, >= 1.0.11)
    cloudinary (1.0.57)
      aws_cf_signer
      rest-client
    cmsimple (0.2.3)
      carrierwave (~> 0.5.8)
      cells (~> 3.8)
      coffee-script-source (~> 1.2.0)
      dimensions
      haml (~> 3.1.6)
      haml-rails (= 0.3.4)
      haml_coffee_assets (~> 0.9.2)
      jquery-rails
      mercury-rails
      mini_magick
      rails (~> 3.2.1)
      spine-rails (~> 0.1)
    coderay (1.0.9)
    coffee-rails (3.2.2)
      coffee-script (>= 2.2.0)
      railties (~> 3.2.0)
    coffee-script (2.2.0)
      coffee-script-source
      execjs
    coffee-script-source (1.2.0)
    daemons (1.1.9)
    database_cleaner (0.9.1)
    debug_inspector (0.0.2)
    diff-lcs (1.2.4)
    dimensions (1.2.0)
    erubis (2.7.0)
    eventmachine (1.0.3)
    execjs (1.4.0)
      multi_json (~> 1.0)
    faye-websocket (0.4.7)
      eventmachine (>= 0.12.0)
    ffi (1.8.1)
    font_assets (0.1.7)
      rack
    formatador (0.2.4)
    gibbon (0.4.6)
      httparty
      multi_json (>= 1.3.4)
    guard (1.8.0)
      formatador (>= 0.2.4)
      listen (>= 1.0.0)
      lumberjack (>= 1.0.2)
      pry (>= 0.9.10)
      thor (>= 0.14.6)
    guard-teabag (0.0.2)
      guard (>= 1.6.1)
      teabag (>= 0.5.3)
    haml (3.1.8)
    haml-rails (0.3.4)
      actionpack (~> 3.0)
      activesupport (~> 3.0)
      haml (~> 3.0)
      railties (~> 3.0)
    haml_coffee_assets (0.9.5)
      execjs (>= 1.2.9)
      sprockets (>= 2.0.3)
      tilt (>= 1.3.3)
    hashie (2.0.5)
    hike (1.2.2)
    http_parser.rb (0.5.3)
    httparty (0.11.0)
      multi_json (~> 1.0)
      multi_xml (>= 0.5.2)
    i18n (0.6.1)
    journey (1.0.4)
    jquery-rails (2.2.1)
      railties (>= 3.0, < 5.0)
      thor (>= 0.14, < 2.0)
    jquery-rails-cdn (1.0.1)
      jquery-rails
    json (1.8.0)
    listen (1.0.3)
      rb-fsevent (>= 0.9.3)
      rb-inotify (>= 0.9)
      rb-kqueue (>= 0.2)
    lumberjack (1.0.3)
    mail (2.5.3)
      i18n (>= 0.4.0)
      mime-types (~> 1.16)
      treetop (~> 1.4.8)
    mercury-rails (0.9.0)
      coffee-rails
      railties (~> 3.2)
    metaclass (0.0.1)
    method_source (0.8.1)
    mime-types (1.23)
    mini_magick (3.5.0)
      subexec (~> 0.2.1)
    mocha (0.13.3)
      metaclass (~> 0.0.1)
    multi_json (1.7.3)
    multi_xml (0.5.3)
    navigasmic (1.0.4)
      railties (~> 3.2)
    newrelic_rpm (3.6.1.88)
    nokogiri (1.5.9)
    normalize-rails (2.0.1)
    oauth (0.4.7)
    omniauth (1.1.4)
      hashie (>= 1.2, < 3)
      rack
    omniauth-linkedin (0.1.0)
      omniauth-oauth (~> 1.0)
    omniauth-oauth (1.0.1)
      oauth
      omniauth (~> 1.0)
    pg (0.15.1)
    phantomjs (1.8.1.1)
      poltergeist
    poltergeist (1.2.0)
      capybara (~> 2.1.0)
      faye-websocket (~> 0.4, >= 0.4.4)
      http_parser.rb (~> 0.5.3)
    polyglot (0.3.3)
    pry (0.9.12.1)
      coderay (~> 1.0.5)
      method_source (~> 0.8)
      slop (~> 3.4)
    pry-rails (0.2.2)
      pry (>= 0.9.10)
    rack (1.4.5)
    rack-cache (1.2)
      rack (>= 0.4)
    rack-ssl (1.3.3)
      rack
    rack-test (0.6.2)
      rack (>= 1.0)
    rails (3.2.13)
      actionmailer (= 3.2.13)
      actionpack (= 3.2.13)
      activerecord (= 3.2.13)
      activeresource (= 3.2.13)
      activesupport (= 3.2.13)
      bundler (~> 1.0)
      railties (= 3.2.13)
    railties (3.2.13)
      actionpack (= 3.2.13)
      activesupport (= 3.2.13)
      rack-ssl (~> 1.3.2)
      rake (>= 0.8.7)
      rdoc (~> 3.4)
      thor (>= 0.14.6, < 2.0)
    rake (10.0.4)
    rb-fsevent (0.9.3)
    rb-inotify (0.9.0)
      ffi (>= 0.5.0)
    rb-kqueue (0.2.0)
      ffi (>= 0.5.0)
    rdoc (3.12.2)
      json (~> 1.4)
    responders (0.9.3)
      railties (~> 3.1)
    rest-client (1.6.7)
      mime-types (>= 1.16)
    rspec-core (2.13.1)
    rspec-expectations (2.13.0)
      diff-lcs (>= 1.1.3, < 2.0)
    rspec-mocks (2.13.1)
    rspec-rails (2.13.1)
      actionpack (>= 3.0)
      activesupport (>= 3.0)
      railties (>= 3.0)
      rspec-core (~> 2.13.0)
      rspec-expectations (~> 2.13.0)
      rspec-mocks (~> 2.13.0)
    rubyzip (0.9.9)
    sass (3.2.8)
    sass-rails (3.2.6)
      railties (~> 3.2.0)
      sass (>= 3.1.10)
      tilt (~> 1.3)
    selenium-webdriver (2.31.0)
      childprocess (>= 0.2.5)
      multi_json (~> 1.0)
      rubyzip
      websocket (~> 1.0.4)
    shoulda-matchers (1.5.4)
      activesupport (>= 3.0.0)
      bourne (~> 1.3)
    simple_form (2.1.0)
      actionpack (~> 3.0)
      activemodel (~> 3.0)
    slop (3.4.4)
    spine-rails (0.1.0)
      rails (>= 3.1.0)
    sprockets (2.2.2)
      hike (~> 1.2)
      multi_json (~> 1.0)
      rack (~> 1.0)
      tilt (~> 1.1, != 1.3.0)
    subexec (0.2.3)
    teabag (0.7.1)
      phantomjs (>= 1.8.1.1)
      railties (>= 3.2.5, < 5)
    terminal-notifier-guard (1.5.3)
    thin (1.5.1)
      daemons (>= 1.0.9)
      eventmachine (>= 0.12.6)
      rack (>= 1.0.0)
    thor (0.18.1)
    tilt (1.4.1)
    treetop (1.4.12)
      polyglot
      polyglot (>= 0.3.1)
    tzinfo (0.3.37)
    uglifier (2.0.1)
      execjs (>= 0.3.0)
      multi_json (~> 1.0, >= 1.0.2)
    underscore-rails (1.4.4)
    websocket (1.0.7)
    xpath (2.0.0)
      nokogiri (~> 1.3)

PLATFORMS
  ruby

DEPENDENCIES
  better_errors
  binding_of_caller
  bourbon
  capybara
  cloudinary
  cmsimple
  coffee-rails
  database_cleaner
  font_assets
  gibbon
  guard-teabag
  haml-rails
  jquery-rails
  jquery-rails-cdn
  navigasmic
  newrelic_rpm
  omniauth
  omniauth-linkedin
  pg
  pry-rails
  rails (= 3.2.13)
  rake
  rb-fsevent
  responders
  rspec-rails
  sass-rails
  selenium-webdriver
  shoulda-matchers
  simple_form
  teabag
  terminal-notifier-guard
  thin
  turbo-sprockets-rails3!
  turbolinks!
  uglifier
  underscore-rails
  utensils!
